GEM
  remote: https://rubygems.org/
  specs:
    diff-lcs (1.2.4)
    gdata_19 (1.1.5)
    hpricot (0.8.6)
    json (2.3.0)
    rake (12.3.3)
    rspec (2.14.1)
      rspec-core (~> 2.14.0)
      rspec-expectations (~> 2.14.0)
      rspec-mocks (~> 2.14.0)
    rspec-core (2.14.5)
    rspec-expectations (2.14.2)
      diff-lcs (>= 1.1.3, < 2.0)
    rspec-mocks (2.14.3)

PLATFORMS
  ruby

DEPENDENCIES
  gdata_19 (= 1.1.5)
  hpricot
  json (>= 1.1.1)
  rake
  rspec
